GIT
  remote: git@github.com:budu/stasis.git
  revision: 6a5f3170b556690491d023ae846523d99812f2c8
  specs:
    stasis (0.1.14)
      directory_watcher (~> 1.4.1)
      redis (~> 2.2.2)
      slop (~> 2.1.0)
      tilt (~> 1.3.3)
      yajl-ruby (~> 1.0.0)

GEM
  remote: http://rubygems.org/
  specs:
    chunky_png (1.2.5)
    coffee-script (2.2.0)
      coffee-script-source
      execjs
    coffee-script-source (1.3.3)
    compass (0.12.2)
      chunky_png (~> 1.2)
      fssm (>= 0.2.7)
      sass (~> 3.1)
    directory_watcher (1.4.1)
    execjs (1.4.0)
      multi_json (~> 1.0)
    ffi (1.1.0)
    fssm (0.2.9)
    guard (1.2.3)
      listen (>= 0.4.2)
      thor (>= 0.14.6)
    guard-shell (0.5.1)
      guard (>= 1.1.0)
    haml (3.1.6)
    kramdown (0.13.7)
    listen (0.4.7)
      rb-fchange (~> 0.0.5)
      rb-fsevent (~> 0.9.1)
      rb-inotify (~> 0.8.8)
    multi_json (1.3.6)
    nokogiri (1.5.5)
    rb-fchange (0.0.5)
      ffi
    rb-fsevent (0.9.1)
    rb-inotify (0.8.8)
      ffi (>= 0.5.0)
    redis (2.2.2)
    sass (3.1.20)
    slop (2.1.0)
    thor (0.15.4)
    tilt (1.3.3)
    yajl-ruby (1.0.0)

PLATFORMS
  ruby

DEPENDENCIES
  coffee-script
  compass
  guard
  guard-shell
  haml
  kramdown
  nokogiri
  rb-inotify
  sass
  slop
  stasis!
